GEM
  remote: http://rubygems.org/
  specs:
    diff-lcs (1.2.1)
    rspec (2.13.0)
      rspec-core (~> 2.13.0)
      rspec-expectations (~> 2.13.0)
      rspec-mocks (~> 2.13.0)
    rspec-core (2.13.0)
    rspec-expectations (2.13.0)
      diff-lcs (>= 1.1.3, < 2.0)
    rspec-mocks (2.13.0)
    terminal-table (1.4.5)
    trollop (2.0)

PLATFORMS
  x86-mingw32

DEPENDENCIES
  rspec
  terminal-table
  trollop
